GEM
  remote: https://rubygems.org/
  specs:
    nio4r (2.5.8)
    puma (5.5.2)
      nio4r (~> 2.0)
    rack (2.2.3)

PLATFORMS
  ruby
  x86_64-darwin-19
  x86_64-linux

DEPENDENCIES
  puma
  rack

RUBY VERSION
   ruby 2.7.1p83

BUNDLED WITH
   2.2.3
